GEM
  remote: http://rubygems.org/
  specs:
    sexmachine (0.1.0)
      unicode_utils (>= 1.3.0)
    unicode_utils (1.4.0)

PLATFORMS
  ruby

DEPENDENCIES
  sexmachine
